PATH
  remote: .
  specs:
    state_machine-mongoid (0.1.1)
      mongoid (>= 2.0.0.beta.16)
      state_machine (>= 0.9.4)

GEM
  remote: http://rubygems.org/
  specs:
    activemodel (3.0.0.rc)
      activesupport (= 3.0.0.rc)
      builder (~> 2.1.2)
      i18n (~> 0.4.1)
    activesupport (3.0.0.rc)
    bson (1.0.4)
    bson_ext (1.0.4)
    builder (2.1.2)
    i18n (0.4.1)
    mongo (1.0.7)
      bson (>= 1.0.4)
    mongoid (2.0.0.beta.16)
      activemodel (= 3.0.0.rc)
      bson (= 1.0.4)
      mongo (= 1.0.7)
      tzinfo (= 0.3.22)
      will_paginate (~> 3.0.pre)
    rspec (1.3.0)
    state_machine (0.9.4)
    tzinfo (0.3.22)
    will_paginate (3.0.pre2)

PLATFORMS
  ruby

DEPENDENCIES
  bson_ext (= 1.0.4)
  bundler (>= 1.0.0.rc.5)
  mongo (= 1.0.7)
  mongoid (>= 2.0.0.beta.16)
  rspec (= 1.3.0)
  state_machine (>= 0.9.4)
  state_machine-mongoid!
